NDims = 3
DimSize = 64 64 64
ElementSize = 1 1 1
ElementSpacing = 0.5 0.5 0.5
ElementType = MET_FLOAT
Position = 3793 5007 10139
ElementByteOrderMSB = False
ElementDataFile = C:/Users/lidan/Desktop/SWC2Obj/Result/vec3(3793.000000, 5007.000000, 10139.000000)_vec3(64.000000, 64.000000, 64.000000).raw
