NDims = 3
DimSize = 64 64 64
ElementSize = 1 1 1
ElementSpacing = 0.5 0.5 0.5
ElementType = MET_FLOAT
Position = 4041 5007 10263
ElementByteOrderMSB = False
ElementDataFile = C:/Users/lidan/Desktop/SWC2Obj/Result/vec3(4041.000000, 5007.000000, 10263.000000)_vec3(64.000000, 64.000000, 64.000000).raw
