NDims = 3
DimSize = 64 64 64
ElementSize = 1 1 1
ElementSpacing = 0.5 0.5 0.5
ElementType = MET_FLOAT
Position = 3731 4945 10077
ElementByteOrderMSB = False
ElementDataFile = C:/Users/lidan/Desktop/SWC2Obj/Result/vec3(3731.000000, 4945.000000, 10077.000000)_vec3(64.000000, 64.000000, 64.000000).raw
